GEM
  remote: https://rubygems.org/
  specs:
    minitest (5.3.4)
    shoulda-context (1.2.1)

PLATFORMS
  ruby

DEPENDENCIES
  minitest
  shoulda-context
